GEM
  remote: https://rubygems.org/
  specs:
    addressable (2.3.5)
    fastimage (1.5.3)
      addressable (~> 2.3, >= 2.3.5)

PLATFORMS
  java

DEPENDENCIES
  fastimage
